GEM
  remote: https://rubygems.org/
  specs:
    addressable (2.8.0)
      public_suffix (>= 2.0.2, < 5.0)
    launchy (2.4.3)
      addressable (~> 2.3)
    public_suffix (4.0.6)
    webrick (1.4.2)

PLATFORMS
  ruby
  x64-mingw32

DEPENDENCIES
  launchy (= 2.4.3)
  webrick (= 1.4.2)

BUNDLED WITH
   1.17.3
